GEM
  remote: https://rubygems.org/
  specs:
    ci_uy (1.0.1)
    libui (0.0.6)

PLATFORMS
  ruby

DEPENDENCIES
  ci_uy
  libui

BUNDLED WITH
   2.1.4
