GEM
  remote: https://rubygems.org/
  specs:
    array_include_methods (1.4.0)
    ci_uy (1.0.1)
    color (1.8)
    facets (3.1.0)
    glimmer (2.3.0)
      array_include_methods (~> 1.4.0)
      facets (>= 3.1.0, < 4.0.0)
    glimmer-dsl-libui (0.2.10)
      color (~> 1.8)
      glimmer (~> 2.3.0)
      libui (~> 0.0.11)
      os (>= 1.0.0, < 2.0.0)
    libui (0.0.11)
    os (1.1.1)

PLATFORMS
  ruby

DEPENDENCIES
  ci_uy
  glimmer-dsl-libui

BUNDLED WITH
   2.2.28
